GIT
  remote: git://github.com/carbonfive/slacky.git
  revision: 09f85ad0fdd6ed7ca76a0817775191905ca45aec
  specs:
    slacky (1.0)
      eventmachine
      faye-websocket
      pg
      slack-ruby-client (>= 0.6)
      tzinfo
      tzinfo-data

PATH
  remote: .
  specs:
    smarty (1.0)
      elasticsearch
      slacky

GEM
  remote: http://rubygems.org/
  specs:
    activesupport (4.2.6)
      i18n (~> 0.7)
      json (~> 1.7, >= 1.7.7)
      minitest (~> 5.1)
      thread_safe (~> 0.3, >= 0.3.4)
      tzinfo (~> 1.1)
    elasticsearch (1.0.17)
      elasticsearch-api (= 1.0.17)
      elasticsearch-transport (= 1.0.17)
    elasticsearch-api (1.0.17)
      multi_json
    elasticsearch-transport (1.0.17)
      faraday
      multi_json
    eventmachine (1.2.0.1)
    factory_girl (4.5.0)
      activesupport (>= 3.0.0)
    faraday (0.9.2)
      multipart-post (>= 1.2, < 3)
    faraday_middleware (0.10.0)
      faraday (>= 0.7.4, < 0.10)
    faye-websocket (0.10.3)
      eventmachine (>= 0.12.0)
      websocket-driver (>= 0.5.1)
    gli (2.13.4)
    hashie (3.4.4)
    i18n (0.7.0)
    json (1.8.3)
    minitest (5.8.4)
    multi_json (1.11.3)
    multipart-post (2.0.0)
    pg (0.18.4)
    rake (10.5.0)
    slack-ruby-client (0.7.0)
      activesupport
      faraday
      faraday_middleware
      gli
      hashie
      json
      websocket-driver
    thread_safe (0.3.5)
    tzinfo (1.2.2)
      thread_safe (~> 0.1)
    tzinfo-data (1.2016.4)
      tzinfo (>= 1.0.0)
    websocket-driver (0.6.3)
      websocket-extensions (>= 0.1.0)
    websocket-extensions (0.1.2)

PLATFORMS
  ruby

DEPENDENCIES
  factory_girl
  minitest
  rake
  slacky!
  smarty!

BUNDLED WITH
   1.11.2
